GEM
  remote: https://rubygems.org/
  specs:
    apiaryio (0.1.1)
      rack (>= 1.4.0, < 1.6.0)
      rake
      rest-client (~> 1.6.7)
    mime-types (2.3)
    rack (1.5.2)
    rake (10.3.2)
    rest-client (1.6.7)
      mime-types (>= 1.16)

PLATFORMS
  ruby

DEPENDENCIES
  apiaryio
